GIT
  remote: git@github.com:martinos/logging.git
  revision: 44f21ddb99ea923a3af554527cd0c92693d91664
  ref: 44f21ddb99ea923a3af554527cd0c92693d91664
  specs:
    logging (1.6.1)
      little-plugger (>= 1.1.2)

GEM
  specs:
    growl (1.0.3)
    guard (0.8.8)
      thor (~> 0.14.6)
    guard-test (0.4.2)
      guard (>= 0.4)
      test-unit (~> 2.2)
    little-plugger (1.1.3)
    rb-fsevent (0.4.3.1)
    test-unit (2.4.2)
    thor (0.14.6)

PLATFORMS
  ruby

DEPENDENCIES
  growl
  guard
  guard-test
  logging!
  rb-fsevent
  test-unit
